PATH
  remote: ../
  specs:
    console-websocket-cf-plugin (0.0.2)
      cf
      faye-websocket
      ruby-termios

GEM
  remote: http://rubygems.org/
  specs:
    activemodel (4.0.1)
      activesupport (= 4.0.1)
      builder (~> 3.1.0)
    activesupport (4.0.1)
      i18n (~> 0.6, >= 0.6.4)
      minitest (~> 4.2)
      multi_json (~> 1.3)
      thread_safe (~> 0.1)
      tzinfo (~> 0.3.37)
    addressable (2.3.5)
    atomic (1.1.14)
    builder (3.1.4)
    caldecott-client (0.0.2)
      multi_json (~> 1.3)
    cf (5.4.3)
      addressable
      caldecott-client (~> 0.0.2)
      cfoundry (~> 4.6.1)
      interact (>= 0.5)
      json_pure
      mothership (>= 0.5.1)
      multi_json (~> 1.3)
      rest-client (~> 1.6)
      uuidtools (~> 2.1)
    cf-uaa-lib (2.0.0)
      multi_json
    cfoundry (4.6.2)
      activemodel (>= 3.2.13, < 5.0.0)
      cf-uaa-lib (~> 2.0.0)
      multi_json (~> 1.7)
      multipart-post (~> 1.1)
      rubyzip (~> 0.9)
    eventmachine (1.0.3)
    faye-websocket (0.7.0)
      eventmachine (>= 0.12.0)
      websocket-driver (>= 0.3.0)
    i18n (0.6.5)
    interact (0.5.2)
    json_pure (1.8.1)
    mime-types (2.0)
    minitest (4.7.5)
    mothership (0.5.1)
    multi_json (1.8.2)
    multipart-post (1.2.0)
    rest-client (1.6.7)
      mime-types (>= 1.16)
    ruby-termios (0.9.6)
    rubyzip (0.9.9)
    thread_safe (0.1.3)
      atomic
    tzinfo (0.3.38)
    uuidtools (2.1.4)
    websocket-driver (0.3.1)

PLATFORMS
  ruby

DEPENDENCIES
  cf
  console-websocket-cf-plugin!
